GEM
  remote: https://rubygems.org/
  specs:
    cassandra-driver (3.2.5)
      ione (~> 1.2)
    coderay (1.1.3)
    connection_pool (2.2.5)
    docile (1.4.0)
    ione (1.2.4)
    method_source (1.0.0)
    minitest (5.15.0)
    oj (3.13.11)
    pry (0.14.1)
      coderay (~> 1.1)
      method_source (~> 1.0)
    rack (2.2.3)
    redis (4.6.0)
    require_all (3.0.0)
    sidekiq (6.4.1)
      connection_pool (>= 2.2.2)
      rack (~> 2.0)
      redis (>= 4.2.0)
    simplecov (0.21.2)
      docile (~> 1.1)
      simplecov-html (~> 0.11)
      simplecov_json_formatter (~> 0.1)
    simplecov-html (0.12.3)
    simplecov_json_formatter (0.1.4)

PLATFORMS
  arm64-darwin-21
  ruby

DEPENDENCIES
  cassandra-driver
  minitest
  oj
  pry
  require_all
  sidekiq
  simplecov

BUNDLED WITH
   2.2.22
