GEM
  remote: https://rubygems.org/
  specs:
    require_all (3.0.0)

PLATFORMS
  arm64-darwin-21

DEPENDENCIES
  require_all

BUNDLED WITH
   2.2.22
